PATH
  remote: .
  specs:
    faker (1.1.2)
      feedzirra (~> 0.5.0)
      i18n (~> 0.5)

GEM
  remote: http://rubygems.org/
  specs:
    addressable (2.3.5)
    columnize (0.3.6)
    curb (0.8.5)
    debugger (1.6.3)
      columnize (>= 0.3.1)
      debugger-linecache (~> 1.2.0)
      debugger-ruby_core_source (~> 1.2.4)
    debugger-linecache (1.2.0)
    debugger-ruby_core_source (1.2.4)
    fastimage (1.5.4)
      addressable (~> 2.3, >= 2.3.5)
    feedzirra (0.5.0)
      curb (~> 0.8.1)
      loofah (~> 1.2.1)
      sax-machine (~> 0.2.1)
    i18n (0.6.9)
    loofah (1.2.1)
      nokogiri (>= 1.4.4)
    mini_portile (0.5.2)
    nokogiri (1.6.1)
      mini_portile (~> 0.5.0)
    rake (0.9.2.2)
    sax-machine (0.2.1)
      nokogiri (~> 1.6.0)
    test-unit (2.4.5)

PLATFORMS
  ruby

DEPENDENCIES
  debugger
  faker!
  fastimage
  rake
  test-unit
